GEM
  remote: https://rubygems.org/
  specs:
    ffi (1.9.10)
    jekyll-watch (1.5.0)
      listen (~> 3.0, < 3.1)
    kramdown (1.12.0)
    listen (3.0.3)
      rb-fsevent (>= 0.9.3)
      rb-inotify (>= 0.9)
    rb-fsevent (0.9.7)
    rb-inotify (0.9.7)
      ffi (>= 0.5.0)
    rouge (1.11.1)

PLATFORMS
  ruby

DEPENDENCIES
  jekyll-watch
  kramdown
  rouge

BUNDLED WITH
   1.13.2
